GEM
  specs:

PLATFORMS
  ruby

DEPENDENCIES

BUNDLED WITH
   2.5.11
